GEM
  remote: https://rubygems.org/
  specs:
    contrived_math (0.0.0)

PLATFORMS
  ruby

DEPENDENCIES
  contrived_math (~> 0.0.0)

BUNDLED WITH
   2.1.4
